PATH
  remote: .
  specs:
    active_braintree (0.1.0)
      activerecord (>= 2.3.8)

GEM
  remote: http://rubygems.org/
  specs:
    activerecord (2.3.9)
      activesupport (= 2.3.9)
    activesupport (2.3.9)
    columnize (0.3.1)
    diff-lcs (1.1.2)
    linecache (0.43)
    rspec (2.0.0.beta.20)
      rspec-core (= 2.0.0.beta.20)
      rspec-expectations (= 2.0.0.beta.20)
      rspec-mocks (= 2.0.0.beta.20)
    rspec-core (2.0.0.beta.20)
    rspec-expectations (2.0.0.beta.20)
      diff-lcs (>= 1.1.2)
    rspec-mocks (2.0.0.beta.20)
    ruby-debug (0.10.3)
      columnize (>= 0.1)
      ruby-debug-base (~> 0.10.3.0)
    ruby-debug-base (0.10.3)
      linecache (>= 0.3)

PLATFORMS
  ruby

DEPENDENCIES
  active_braintree!
  activerecord (>= 2.3.8)
  bundler (>= 1.0.0.rc.6)
  rspec (>= 2.0.0.beta.20)
  ruby-debug
